GEM
  remote: https://rubygems.org/
  specs:
    coderay (1.1.3)
    method_source (1.0.0)
    pry (0.14.1)
      coderay (~> 1.1)
      method_source (~> 1.0)
    rack (3.0.4.1)

PLATFORMS
  ruby

DEPENDENCIES
  pry
  rack (>= 3.0.4.1)

BUNDLED WITH
   2.1.4
